GEM
  remote: https://rubygems.org/
  specs:
    eventmachine (1.0.0)

PLATFORMS
  ruby

DEPENDENCIES
  eventmachine
